PATH
  remote: .
  specs:
    str_quote (0.0.3)

GEM
  remote: http://rubygems.org/
  specs:
    rake (10.1.0)

PLATFORMS
  ruby

DEPENDENCIES
  rake
  str_quote!
